GIT
  remote: https://github.com/Shopify/job-iteration.git
  revision: ae5828f1ecfaa45555593b4694dffb699629e7fd
  branch: main
  specs:
    job-iteration (1.5.1)
      activejob (>= 5.2)

GEM
  remote: https://rubygems.org/
  specs:
    actioncable (7.1.3.4)
      actionpack (= 7.1.3.4)
      activesupport (= 7.1.3.4)
      nio4r (~> 2.0)
      websocket-driver (>= 0.6.1)
      zeitwerk (~> 2.6)
    actionmailbox (7.1.3.4)
      actionpack (= 7.1.3.4)
      activejob (= 7.1.3.4)
      activerecord (= 7.1.3.4)
      activestorage (= 7.1.3.4)
      activesupport (= 7.1.3.4)
      mail (>= 2.7.1)
      net-imap
      net-pop
      net-smtp
    actionmailer (7.1.3.4)
      actionpack (= 7.1.3.4)
      actionview (= 7.1.3.4)
      activejob (= 7.1.3.4)
      activesupport (= 7.1.3.4)
      mail (~> 2.5, >= 2.5.4)
      net-imap
      net-pop
      net-smtp
      rails-dom-testing (~> 2.2)
    actionpack (7.1.3.4)
      actionview (= 7.1.3.4)
      activesupport (= 7.1.3.4)
      nokogiri (>= 1.8.5)
      racc
      rack (>= 2.2.4)
      rack-session (>= 1.0.1)
      rack-test (>= 0.6.3)
      rails-dom-testing (~> 2.2)
      rails-html-sanitizer (~> 1.6)
    actiontext (7.1.3.4)
      actionpack (= 7.1.3.4)
      activerecord (= 7.1.3.4)
      activestorage (= 7.1.3.4)
      activesupport (= 7.1.3.4)
      globalid (>= 0.6.0)
      nokogiri (>= 1.8.5)
    actionview (7.1.3.4)
      activesupport (= 7.1.3.4)
      builder (~> 3.1)
      erubi (~> 1.11)
      rails-dom-testing (~> 2.2)
      rails-html-sanitizer (~> 1.6)
    active_link_to (1.0.5)
      actionpack
      addressable
    activejob (7.1.3.4)
      activesupport (= 7.1.3.4)
      globalid (>= 0.3.6)
    activemodel (7.1.3.4)
      activesupport (= 7.1.3.4)
    activerecord (7.1.3.4)
      activemodel (= 7.1.3.4)
      activesupport (= 7.1.3.4)
      timeout (>= 0.4.0)
    activerecord-import (1.7.0)
      activerecord (>= 4.2)
    activestorage (7.1.3.4)
      actionpack (= 7.1.3.4)
      activejob (= 7.1.3.4)
      activerecord (= 7.1.3.4)
      activesupport (= 7.1.3.4)
      marcel (~> 1.0)
    activesupport (7.1.3.4)
      base64
      bigdecimal
      concurrent-ruby (~> 1.0, >= 1.0.2)
      connection_pool (>= 2.2.5)
      drb
      i18n (>= 1.6, < 2)
      minitest (>= 5.1)
      mutex_m
      tzinfo (~> 2.0)
    addressable (2.8.7)
      public_suffix (>= 2.0.2, < 7.0)
    annotate (3.2.0)
      activerecord (>= 3.2, < 8.0)
      rake (>= 10.4, < 14.0)
    avo (3.10.2)
      actionview (>= 6.1)
      active_link_to
      activerecord (>= 6.1)
      activesupport (>= 6.1)
      addressable
      docile
      httparty
      inline_svg
      literal (~> 0.2)
      meta-tags
      pagy (>= 7.0.0)
      turbo-rails (>= 2.0.0)
      turbo_power (>= 0.6.0)
      view_component (>= 3.7.0)
      zeitwerk (>= 2.6.12)
    base64 (0.2.0)
    bigdecimal (3.1.8)
    bindex (0.8.1)
    bootsnap (1.18.3)
      msgpack (~> 1.2)
    builder (3.3.0)
    concurrent-ruby (1.3.4)
    connection_pool (2.4.1)
    crass (1.0.6)
    csv (3.3.0)
    daru (0.3)
      packable (~> 1.3.13)
    data_uri (0.1.0)
    datadog (2.2.0)
      debase-ruby_core_source (= 3.3.1)
      libdatadog (~> 10.0.0.1.0)
      libddwaf (~> 1.14.0.0.0)
      msgpack
    date (3.3.4)
    debase-ruby_core_source (3.3.1)
    debug (1.9.2)
      irb (~> 1.10)
      reline (>= 0.3.8)
    debugbar (0.3.3)
      actioncable
      rails
    diff-lcs (1.5.1)
    docile (1.4.0)
    dockerfile-rails (1.6.17)
      rails (>= 3.0.0)
    dotenv (3.1.2)
    dotenv-rails (3.1.2)
      dotenv (= 3.1.2)
      railties (>= 6.1)
    drb (2.2.1)
    erubi (1.13.0)
    et-orbi (1.2.11)
      tzinfo
    faraday (2.10.0)
      faraday-net_http (>= 2.0, < 3.2)
      logger
    faraday-net_http (3.1.0)
      net-http
    ffi (1.17.0-aarch64-linux-gnu)
    ffi (1.17.0-arm-linux-gnu)
    ffi (1.17.0-arm64-darwin)
    ffi (1.17.0-x86-linux-gnu)
    ffi (1.17.0-x86_64-darwin)
    ffi (1.17.0-x86_64-linux-gnu)
    ffi-rzmq (2.0.7)
      ffi-rzmq-core (>= 1.0.7)
    ffi-rzmq-core (1.0.7)
      ffi
    fugit (1.11.0)
      et-orbi (~> 1, >= 1.2.11)
      raabro (~> 1.4)
    globalid (1.2.1)
      activesupport (>= 6.1)
    good_job (3.29.5)
      activejob (>= 6.0.0)
      activerecord (>= 6.0.0)
      concurrent-ruby (>= 1.0.2)
      fugit (>= 1.1)
      railties (>= 6.0.0)
      thor (>= 0.14.1)
    google-protobuf (4.27.1)
      bigdecimal
      rake (>= 13)
    google-protobuf (4.27.1-aarch64-linux)
      bigdecimal
      rake (>= 13)
    google-protobuf (4.27.1-arm64-darwin)
      bigdecimal
      rake (>= 13)
    google-protobuf (4.27.1-x86-linux)
      bigdecimal
      rake (>= 13)
    google-protobuf (4.27.1-x86_64-darwin)
      bigdecimal
      rake (>= 13)
    google-protobuf (4.27.1-x86_64-linux)
      bigdecimal
      rake (>= 13)
    hairtrigger (1.2.0)
      activerecord (>= 6.0, < 8)
      ruby2ruby (~> 2.4)
      ruby_parser (~> 3.10)
    httparty (0.21.0)
      mini_mime (>= 1.0.0)
      multi_xml (>= 0.5.2)
    i18n (1.14.6)
      concurrent-ruby (~> 1.0)
    importmap-rails (2.0.1)
      actionpack (>= 6.0.0)
      activesupport (>= 6.0.0)
      railties (>= 6.0.0)
    inline_svg (1.9.0)
      activesupport (>= 3.0)
      nokogiri (>= 1.6)
    io-console (0.7.2)
    irb (1.14.0)
      rdoc (>= 4.0.0)
      reline (>= 0.4.2)
    iruby (0.7.4)
      data_uri (~> 0.1)
      ffi-rzmq
      irb
      mime-types (>= 3.3.1)
      multi_json (~> 1.11)
      native-package-installer
    jbuilder (2.12.0)
      actionview (>= 5.0.0)
      activesupport (>= 5.0.0)
    jupyter_on_rails (0.13.0)
      daru
      iruby
      railties
    libdatadog (10.0.0.1.0)
    libdatadog (10.0.0.1.0-aarch64-linux)
    libdatadog (10.0.0.1.0-x86_64-linux)
    libddwaf (1.14.0.0.0)
      ffi (~> 1.0)
    libddwaf (1.14.0.0.0-aarch64-linux)
      ffi (~> 1.0)
    libddwaf (1.14.0.0.0-arm64-darwin)
      ffi (~> 1.0)
    libddwaf (1.14.0.0.0-x86_64-darwin)
      ffi (~> 1.0)
    libddwaf (1.14.0.0.0-x86_64-linux)
      ffi (~> 1.0)
    literal (0.2.1)
    logger (1.6.0)
    loofah (2.22.0)
      crass (~> 1.0.2)
      nokogiri (>= 1.12.0)
    mail (2.8.1)
      mini_mime (>= 0.1.1)
      net-imap
      net-pop
      net-smtp
    maintenance_tasks (2.8.0)
      actionpack (>= 6.0)
      activejob (>= 6.0)
      activerecord (>= 6.0)
      csv
      job-iteration (>= 1.3.6)
      railties (>= 6.0)
      zeitwerk (>= 2.6.2)
    marcel (1.0.4)
    matrix (0.4.2)
    meilisearch (0.26.0)
      httparty (>= 0.17.1, < 0.22.0)
    meilisearch-rails (0.13.1)
      meilisearch (~> 0.26.0)
    meta-tags (2.21.0)
      actionpack (>= 6.0.0, < 7.2)
    method_source (1.1.0)
    mime-types (3.5.2)
      mime-types-data (~> 3.2015)
    mime-types-data (3.2024.0604)
    mini_mime (1.1.5)
    minitest (5.25.1)
    msgpack (1.7.2)
    multi_json (1.15.0)
    multi_xml (0.7.1)
      bigdecimal (~> 3.1)
    mutex_m (0.2.0)
    native-package-installer (1.1.9)
    net-http (0.4.1)
      uri
    net-imap (0.4.14)
      date
      net-protocol
    net-pop (0.1.2)
      net-protocol
    net-protocol (0.2.2)
      timeout
    net-smtp (0.5.0)
      net-protocol
    nio4r (2.7.3)
    nokogiri (1.16.7-aarch64-linux)
      racc (~> 1.4)
    nokogiri (1.16.7-arm-linux)
      racc (~> 1.4)
    nokogiri (1.16.7-arm64-darwin)
      racc (~> 1.4)
    nokogiri (1.16.7-x86-linux)
      racc (~> 1.4)
    nokogiri (1.16.7-x86_64-darwin)
      racc (~> 1.4)
    nokogiri (1.16.7-x86_64-linux)
      racc (~> 1.4)
    packable (1.3.18)
    pagy (8.6.2)
    parallel (1.25.1)
    pg (1.5.7)
    pg_query (5.1.0)
      google-protobuf (>= 3.22.3)
    pghero (3.6.0)
      activerecord (>= 6.1)
    phlex (1.10.3)
    phlex-rails (1.2.1)
      phlex (~> 1.10.0)
      railties (>= 6.1, < 8)
    prosopite (1.4.2)
    psych (5.1.2)
      stringio
    public_suffix (6.0.0)
    puma (6.4.2)
      nio4r (~> 2.0)
    raabro (1.4.0)
    racc (1.8.1)
    rack (3.1.7)
    rack-mini-profiler (3.3.1)
      rack (>= 1.2.0)
    rack-session (2.0.0)
      rack (>= 3.0.0)
    rack-test (2.1.0)
      rack (>= 1.3)
    rackup (2.1.0)
      rack (>= 3)
      webrick (~> 1.8)
    rails (7.1.3.4)
      actioncable (= 7.1.3.4)
      actionmailbox (= 7.1.3.4)
      actionmailer (= 7.1.3.4)
      actionpack (= 7.1.3.4)
      actiontext (= 7.1.3.4)
      actionview (= 7.1.3.4)
      activejob (= 7.1.3.4)
      activemodel (= 7.1.3.4)
      activerecord (= 7.1.3.4)
      activestorage (= 7.1.3.4)
      activesupport (= 7.1.3.4)
      bundler (>= 1.15.0)
      railties (= 7.1.3.4)
    rails-dom-testing (2.2.0)
      activesupport (>= 5.0.0)
      minitest
      nokogiri (>= 1.6)
    rails-html-sanitizer (1.6.0)
      loofah (~> 2.21)
      nokogiri (~> 1.14)
    rails_semantic_logger (4.17.0)
      rack
      railties (>= 5.1)
      semantic_logger (~> 4.16)
    railties (7.1.3.4)
      actionpack (= 7.1.3.4)
      activesupport (= 7.1.3.4)
      irb
      rackup (>= 1.0.0)
      rake (>= 12.2)
      thor (~> 1.0, >= 1.2.2)
      zeitwerk (~> 2.6)
    rake (13.2.1)
    ransack (4.2.0)
      activerecord (>= 6.1.5)
      activesupport (>= 6.1.5)
      i18n
    rdoc (6.7.0)
      psych (>= 4.0.0)
    reline (0.5.10)
      io-console (~> 0.5)
    ruby-progressbar (1.13.0)
    ruby2ruby (2.5.1)
      ruby_parser (~> 3.1)
      sexp_processor (~> 4.6)
    ruby_parser (3.21.1)
      racc (~> 1.5)
      sexp_processor (~> 4.16)
    semantic_logger (4.16.0)
      concurrent-ruby (~> 1.0)
    sexp_processor (4.17.2)
    sprockets (4.2.1)
      concurrent-ruby (~> 1.0)
      rack (>= 2.2.4, < 4)
    sprockets-rails (3.5.1)
      actionpack (>= 6.1)
      activesupport (>= 6.1)
      sprockets (>= 3.0.0)
    stimulus-rails (1.3.3)
      railties (>= 6.0.0)
    stringio (3.1.1)
    tailwindcss-rails (2.7.5)
      railties (>= 7.0.0)
    tailwindcss-rails (2.7.5-aarch64-linux)
      railties (>= 7.0.0)
    tailwindcss-rails (2.7.5-arm-linux)
      railties (>= 7.0.0)
    tailwindcss-rails (2.7.5-arm64-darwin)
      railties (>= 7.0.0)
    tailwindcss-rails (2.7.5-x86_64-darwin)
      railties (>= 7.0.0)
    tailwindcss-rails (2.7.5-x86_64-linux)
      railties (>= 7.0.0)
    thor (1.3.2)
    timeout (0.4.1)
    turbo-rails (2.0.5)
      actionpack (>= 6.0.0)
      activejob (>= 6.0.0)
      railties (>= 6.0.0)
    turbo_power (0.6.2)
      turbo-rails (>= 1.3.0)
    tzinfo (2.0.6)
      concurrent-ruby (~> 1.0)
    uri (0.13.0)
    view_component (3.12.1)
      activesupport (>= 5.2.0, < 8.0)
      concurrent-ruby (~> 1.0)
      method_source (~> 1.0)
    web-console (4.2.1)
      actionview (>= 6.0.0)
      activemodel (>= 6.0.0)
      bindex (>= 0.4.0)
      railties (>= 6.0.0)
    webrick (1.8.1)
    websocket-driver (0.7.6)
      websocket-extensions (>= 0.1.0)
    websocket-extensions (0.1.5)
    zeitwerk (2.6.18)

PLATFORMS
  aarch64-linux
  arm-linux
  arm64-darwin
  x86-linux
  x86_64-darwin
  x86_64-linux

DEPENDENCIES
  activerecord-import (~> 1.7)
  annotate (~> 3.2)
  avo (>= 3.2)
  bootsnap
  datadog (~> 2.2)
  debug
  debugbar (~> 0.3.3)
  diff-lcs (~> 1.5)
  dockerfile-rails (~> 1.6)
  dotenv-rails (~> 3.1)
  faraday (~> 2.10)
  ffi-rzmq
  good_job (~> 3.29)
  hairtrigger (~> 1.2)
  importmap-rails
  jbuilder
  job-iteration!
  jupyter_on_rails
  literal (~> 0.2.1)
  maintenance_tasks (~> 2.8)
  matrix
  meilisearch-rails (~> 0.13.1)
  pagy (~> 8.6)
  parallel (~> 1.25)
  pg (~> 1.5)
  pg_query (~> 5.1)
  pghero (~> 3.6)
  phlex-rails (~> 1.1)
  prosopite (~> 1.4)
  puma (>= 5.0)
  rack-mini-profiler
  rails (~> 7.1.3)
  rails_semantic_logger (~> 4.17)
  ransack (~> 4.2)
  ruby-progressbar (~> 1.13)
  sprockets-rails
  stimulus-rails
  tailwindcss-rails (~> 2.7)
  turbo-rails
  tzinfo-data
  web-console

CHECKSUMS
  actioncable (7.1.3.4) sha256=787ba8651caaa93d5c161f0d1110105300974be65e89483071146fc42d4bd310
  actionmailbox (7.1.3.4) sha256=a3fd3019a44597e49ae18b4ed5c68e0f21c1d1b389bbcc10be357e205a83cad0
  actionmailer (7.1.3.4) sha256=1f196096740587b08ef935db8a672971f448cadb8299e3d9a7bc24088a2a0351
  actionpack (7.1.3.4) sha256=dcafc71bec6a975c3984a1ed8e698e2f9afeeb441c838766c16c29633705edd2
  actiontext (7.1.3.4) sha256=84964dae95a3c99819d42641084f21e28de502fcefa6efb9df3805d6c439b784
  actionview (7.1.3.4) sha256=41fcf5242dec11e100a0ba3d3717612c6534e8571c8a290a5b2a950aa58b615b
  active_link_to (1.0.5) sha256=4830847b3d14589df1e9fc62038ceec015257fce975ec1c2a77836c461b139ba
  activejob (7.1.3.4) sha256=3f8aeef0fdfb2dd65f9a663828dbcc8ca187e70ef0c5a773c5fe4dd67e040f62
  activemodel (7.1.3.4) sha256=f4c838ea76dfca8967e433ac89603342ae20b65dd61366e62f07120a08e1ad72
  activerecord (7.1.3.4) sha256=784eeca4d6f23391d445552d6675a47c594555361c3b042108d29f0c7b9230f2
  activerecord-import (1.7.0) sha256=f849fb0216868c76cee4d9de73458215280ad849493fdbc917206c1ede940458
  activestorage (7.1.3.4) sha256=f2020ea0a77e105e480a9a15251c91d615eecb4b28a1a80968d6fb6a5dcb0a2e
  activesupport (7.1.3.4) sha256=455bbc43d82e5ba20daa25f0888b80c9f7e2d80ca0cc96cea3e6acfec3e40309
  addressable (2.8.7) sha256=462986537cf3735ab5f3c0f557f14155d778f4b43ea4f485a9deb9c8f7c58232
  annotate (3.2.0) sha256=9a61baa1fb13880aa3a8d9f62553889bb2a3b7970f88bbc66d3ac75a567780d3
  avo (3.10.2) sha256=61458a4b9b298cb9fd177c56c75472baa7013297a7a9a6e24872168793a7d6b4
  base64 (0.2.0) sha256=0f25e9b21a02a0cc0cea8ef92b2041035d39350946e8789c562b2d1a3da01507
  bigdecimal (3.1.8) sha256=a89467ed5a44f8ae01824af49cbc575871fa078332e8f77ea425725c1ffe27be
  bindex (0.8.1) sha256=7b1ecc9dc539ed8bccfc8cb4d2732046227b09d6f37582ff12e50a5047ceb17e
  bootsnap (1.18.3) sha256=d7b70de761e2fb1d63d21dd941b393c881c5cab5575211369cede788dfc034eb
  builder (3.3.0) sha256=497918d2f9dca528fdca4b88d84e4ef4387256d984b8154e9d5d3fe5a9c8835f
  concurrent-ruby (1.3.4) sha256=d4aa926339b0a86b5b5054a0a8c580163e6f5dcbdfd0f4bb916b1a2570731c32
  connection_pool (2.4.1) sha256=0f40cf997091f1f04ff66da67eabd61a9fe0d4928b9a3645228532512fab62f4
  crass (1.0.6) sha256=dc516022a56e7b3b156099abc81b6d2b08ea1ed12676ac7a5657617f012bd45d
  csv (3.3.0) sha256=0bbd1defdc31134abefed027a639b3723c2753862150f4c3ee61cab71b20d67d
  daru (0.3) sha256=46443fb21b63cf30e3e45aee37b93f9e45206fdcccb7c6d683a7224c849154e3
  data_uri (0.1.0) sha256=7eb2f63487ccb943fae0eca561729c48d4d5654d76f8330aa16ed1dcdbebf33b
  datadog (2.2.0) sha256=fa96d565e055593294706d7767c4d3213b5250f0ddd2b8697b868ae60dbdda4a
  date (3.3.4) sha256=971f2cb66b945bcbea4ddd9c7908c9400b31a71bc316833cb42fa584b59d3291
  debase-ruby_core_source (3.3.1) sha256=ed904cae290edf0cf274ad707f8981bf1cefad8081e78d4bb71be2a483bc2c08
  debug (1.9.2) sha256=48e026c0852c7a10c60263e2e527968308958e266231e36d64e3efcabec7e7fc
  debugbar (0.3.3) sha256=1b8ec67f2f6cb9971d1fdf2f2ab959f790c0bee9f914bb9a0b0581c89d1f49f6
  diff-lcs (1.5.1) sha256=273223dfb40685548436d32b4733aa67351769c7dea621da7d9dd4813e63ddfe
  docile (1.4.0) sha256=5f1734bde23721245c20c3d723e76c104208e1aa01277a69901ce770f0ebb8d3
  dockerfile-rails (1.6.17) sha256=cf1fe48edddf9feab26e62e3ab69dbb167e04a9962576ffe6329317e2f663ce8
  dotenv (3.1.2) sha256=08036c2aa1246590034a83df2adc85b72cb4944692c49da24d8e911f97924478
  dotenv-rails (3.1.2) sha256=66d2ad1a5aca1de742dd8ec2ceed2148675c73617a3b8d7703ef86ed47ca5d6a
  drb (2.2.1) sha256=e9d472bf785f558b96b25358bae115646da0dbfd45107ad858b0bc0d935cb340
  erubi (1.13.0) sha256=fca61b47daefd865d0fb50d168634f27ad40181867445badf6427c459c33cd62
  et-orbi (1.2.11) sha256=d26e868cc21db88280a9ec1a50aa3da5d267eb9b2037ba7b831d6c2731f5df64
  faraday (2.10.0) sha256=1a3e6c02acc511fc334d799521f1013e449bde38aa2dceb3af71e8030519bda9
  faraday-net_http (3.1.0) sha256=1627be414960d0131691190ff524506ba6607402a50fb6eccda9e64ca60f859f
  ffi (1.17.0-aarch64-linux-gnu) sha256=228c8fb79e6b018a31c75414115a75ca65f74e8138b2c9c97d22041e4e12f2c1
  ffi (1.17.0-arm-linux-gnu) sha256=ae3b5bf4701c84263002f13eadfde35fe1e6f88720e7c6f15f1f08f46d745857
  ffi (1.17.0-arm64-darwin) sha256=609c874e76614542c6d485b0576e42a7a38ffcdf086612f9a300c4ec3fcd0d12
  ffi (1.17.0-x86-linux-gnu) sha256=81b80d24392be2b8ec6bd66da6b488fd05242af5c0868b59c8b716e5a633c8b5
  ffi (1.17.0-x86_64-darwin) sha256=fdcd48c69db3303ef95aec5c64d6275fcf9878a02c0bec0afddc506ceca0f56b
  ffi (1.17.0-x86_64-linux-gnu) sha256=1015e59d5919dd6bbcb0704325b0bd639be664a79b1e2189943ceb18faa34198
  ffi-rzmq (2.0.7) sha256=2feb3bc5bf46df633e2211514ac408521df0c198f54134fdb38322675d9f4591
  ffi-rzmq-core (1.0.7) sha256=6541625a0f80016e4cb1b22a68b3870bd711c30de7d77625d8d6c92be95eb32a
  fugit (1.11.0) sha256=addc9cd3031611921d1dbac094de3a645bc8858828639fd035c9cedd3b460bb9
  globalid (1.2.1) sha256=70bf76711871f843dbba72beb8613229a49429d1866828476f9c9d6ccc327ce9
  good_job (3.29.5) sha256=3d71236c7e89b9678ba0cf16d6a93b9ee2ff12795959a0c10f77fd52f6479a13
  google-protobuf (4.27.1) sha256=a988ba32cbb4a85c2340e4840dd3e88874225b54f23f7432dedea6ae25695578
  google-protobuf (4.27.1-aarch64-linux) sha256=44b499a33a45943813e9e8f8de58b26a68a72ce1c244e9b9029c8b4878373f6a
  google-protobuf (4.27.1-arm64-darwin) sha256=cf4dc1cfc8b5c170a834f259a011c070f45e8250406a22a81f9bb709b8dc0c0d
  google-protobuf (4.27.1-x86-linux) sha256=9aec62787ac1add1f8499f04a9d6069519aefd5669fd194c223901e46fd080d3
  google-protobuf (4.27.1-x86_64-darwin) sha256=efe981cffd811b3b815db7f20fae5e926acb9b3b7624f8dce4be753f0ceeb6ec
  google-protobuf (4.27.1-x86_64-linux) sha256=9df0c88277f5d142b99c079d9a03ecd0b9c4261d6844bc0b66006d128ce30b57
  hairtrigger (1.2.0) sha256=3b127197ba3717cce0c39f2a5ffacfc81c2ef84bb21c932d3abad44a82b9baad
  httparty (0.21.0) sha256=00ef7bf9a71f30a3bff88edeb5b16a34bea883ab67c246b3f0db2d6794fe1214
  i18n (1.14.6) sha256=dc229a74f5d181f09942dd60ab5d6e667f7392c4ee826f35096db36d1fe3614c
  importmap-rails (2.0.1) sha256=e739a6e70c09f797688c6983fa79567ec1edc9becc30d55b3f7cc897b1825586
  inline_svg (1.9.0) sha256=f44c5e3d2e401fd619ad3047b7c8cee384517d855edb1d1fb1a248d3cae535d6
  io-console (0.7.2) sha256=f0dccff252f877a4f60d04a4dc6b442b185ebffb4b320ab69212a92b48a7a221
  irb (1.14.0) sha256=53d805013bbd194874b8c13a56aca6aebcd11dd79166d88724f8a434fedde615
  iruby (0.7.4) sha256=cc219e2ac797c3fbf8c2b937ee7d26547723c8ae0e5ad65f2975aa3325b3a620
  jbuilder (2.12.0) sha256=47e9be3240b8901cabbbfa2191a2a87fcab01630816fb8b979e787cf268726d2
  job-iteration (1.5.1)
  jupyter_on_rails (0.13.0) sha256=0268483c8473537451f4a989a65500e6774d5cc9ebf342156ef9d3205a3c1c60
  libdatadog (10.0.0.1.0) sha256=2e2c2000f1250cd3bb3721bdd0672dcdb584e60eee13d4a4089fbce1cf40dafc
  libdatadog (10.0.0.1.0-aarch64-linux) sha256=fe86c03f33eb0f98a3d250cf7cbaed805f94c095e2acca45bcc1396b1458ab79
  libdatadog (10.0.0.1.0-x86_64-linux) sha256=2d2fa218e0799cb696a922f36e928ad96c8e03bc561bacdac4cbaa9b3833e599
  libddwaf (1.14.0.0.0) sha256=b91ea9675f7d79d1cd10dd6513e3706760ac442cb8902164fbcef79b7082a8fd
  libddwaf (1.14.0.0.0-aarch64-linux) sha256=549f83ba339afb0e500bd9f4c43459e274d42f5736a18d347ba2007be026649c
  libddwaf (1.14.0.0.0-arm64-darwin) sha256=cd3c84d58b8f77f93ebb17e6ceb1cfd257c8d3a3a1ea558a7fc14d92f697cc2b
  libddwaf (1.14.0.0.0-x86_64-darwin) sha256=33017c057fd6b4948ef4577c4a13bc89d878541961b205309fac1e71516433ff
  libddwaf (1.14.0.0.0-x86_64-linux) sha256=030640a4158ae05f9276cc1e09bfe9d19dda5af26703235cf17cf3752f1985b1
  literal (0.2.1) sha256=7544725886486ce6ae701fea1ea23bb7955ef218ef109f91ad4414f3b7921261
  logger (1.6.0) sha256=0ab7c120262dd8de2a18cb8d377f1f318cbe98535160a508af9e7710ff43ef3e
  loofah (2.22.0) sha256=10d76e070c86b12fec74b6a9515fd1940f4459198b991342d0a7897d86c372fe
  mail (2.8.1) sha256=ec3b9fadcf2b3755c78785cb17bc9a0ca9ee9857108a64b6f5cfc9c0b5bfc9ad
  maintenance_tasks (2.8.0) sha256=7ee8aa37ab39c6c3a5f4637878c1a343cc296596742248112458b922968d4a16
  marcel (1.0.4) sha256=0d5649feb64b8f19f3d3468b96c680bae9746335d02194270287868a661516a4
  matrix (0.4.2) sha256=71083ccbd67a14a43bfa78d3e4dc0f4b503b9cc18e5b4b1d686dc0f9ef7c4cc0
  meilisearch (0.26.0) sha256=634746172c336a42660cd344a94be39bf0addf6497b7d907334335fc704a3f8c
  meilisearch-rails (0.13.1) sha256=f3b3460dc31502f16f6e42eb8bd23f2ec0787aa15a3fbf086f434e27b96524fa
  meta-tags (2.21.0) sha256=cfaa2ccd32b2700c3538c9eae647191295a06f47f0d8558e685a6a7158171cfb
  method_source (1.1.0) sha256=181301c9c45b731b4769bc81e8860e72f9161ad7d66dd99103c9ab84f560f5c5
  mime-types (3.5.2) sha256=c1299f10fa34c75a6f168e99e9dadbd11bc507d9d62dc5cf98c4e65f2af8c4e4
  mime-types-data (3.2024.0604) sha256=c538378ff7036755f8009d246eb5c2b6dbdc0365fd624f9e5e63fa4669213167
  mini_mime (1.1.5) sha256=8681b7e2e4215f2a159f9400b5816d85e9d8c6c6b491e96a12797e798f8bccef
  minitest (5.25.1) sha256=3db6795a80634def1cf86fda79d2d83b59b25ce5e186fa675f73c565589d2ad8
  msgpack (1.7.2) sha256=59ab62fd8a4d0dfbde45009f87eb6f158ab2628a7c48886b0256f175166baaa8
  multi_json (1.15.0) sha256=1fd04138b6e4a90017e8d1b804c039031399866ff3fbabb7822aea367c78615d
  multi_xml (0.7.1) sha256=4fce100c68af588ff91b8ba90a0bb3f0466f06c909f21a32f4962059140ba61b
  mutex_m (0.2.0) sha256=b6ef0c6c842ede846f2ec0ade9e266b1a9dac0bc151682b04835e8ebd54840d5
  native-package-installer (1.1.9) sha256=fbb41b6b22750791a4304f0a0aeea3dd837668892117f49c4caf2e8e0f4e792f
  net-http (0.4.1) sha256=a96efc5ea18bcb9715e24dda4159d10f67ff0345c8a980d04630028055b2c282
  net-imap (0.4.14) sha256=a2184b3f09a4f7ca27998d113fd6df8cd0dd56b91e5bf0d6387b8350bb438065
  net-pop (0.1.2) sha256=848b4e982013c15b2f0382792268763b748cce91c9e91e36b0f27ed26420dff3
  net-protocol (0.2.2) sha256=aa73e0cba6a125369de9837b8d8ef82a61849360eba0521900e2c3713aa162a8
  net-smtp (0.5.0) sha256=5fc0415e6ea1cc0b3dfea7270438ec22b278ca8d524986a3ae4e5ae8d087b42a
  nio4r (2.7.3) sha256=54b94cdd4b8f9dc39aaad5f699e97afae13efb44f2b180a6e724df76105ff604
  nokogiri (1.16.7-aarch64-linux) sha256=78778d35f165b59513be31c0fe232c63a82cf97626ffba695b5f822e5da1d74b
  nokogiri (1.16.7-arm-linux) sha256=c84cdb9e3aa44c35bbb981b20175838c4b2066c26c5cb118f31f177168a42fc3
  nokogiri (1.16.7-arm64-darwin) sha256=276dcea1b988a5b22b5acc1ba901d24b8e908c40b71dccd5d54a2ae279480dad
  nokogiri (1.16.7-x86-linux) sha256=dddbf1c1ef99ce9fab98302b14f8bacb703e6f16e89b99f05ecee8a1fca23664
  nokogiri (1.16.7-x86_64-darwin) sha256=630732b80fc572690eab50c73a1f18988f3ac401ed0b67ca9956ba2b1e2c3faa
  nokogiri (1.16.7-x86_64-linux) sha256=9e1e428641d5942af877c60b418c71163560e9feb4a5c4015f3230a8b86a40f6
  packable (1.3.18) sha256=9b5d6588ef6f5eaf02c2e44b4f9b9d6cbd672896eb13e3ac9fbfe7a827d1607f
  pagy (8.6.2) sha256=d21c9129b0b77145bf89a33a85ec421f7266ec852542a1887b0118da388d1ef4
  parallel (1.25.1) sha256=12e089b9aa36ea2343f6e93f18cfcebd031798253db8260590d26a7f70b1ab90
  pg (1.5.7) sha256=07a7d86e5aac8b964a0288076a7a7c699c27b25c9b40b001726f6eb03ed13427
  pg_query (5.1.0) sha256=b7f7f47c864f08ccbed46a8244906fb6ee77ee344fd27250717963928c93145d
  pghero (3.6.0) sha256=cad9cb865f99ff40bb5ba47d3dae20d06be06ac8ea6b01172f6a8ccc85671109
  phlex (1.10.3) sha256=f2c0ff4524a8989c5b0ec8fa2085d9a15314542cde281c00ff9201c8fb16fe46
  phlex-rails (1.2.1) sha256=1d80709c02114cda869951d22bfca189b5f208d1eb89f2e6fafbe3c0240a822f
  prosopite (1.4.2) sha256=b2e422e2d9dbf3ce20130ded3252fe14adb3833555eacd451f5015d8c9177e79
  psych (5.1.2) sha256=337322f58fc2bf24827d2b9bd5ab595f6a72971867d151bb39980060ea40a368
  public_suffix (6.0.0) sha256=d2c8e12e076813f8fca0307205c088c6903adc70b92c65ab22479dfa9bc0a89e
  puma (6.4.2) sha256=3eb41999d00733280be3faeb00d610331b6965a537a8cd3d905f316c38575b44
  raabro (1.4.0) sha256=d4fa9ff5172391edb92b242eed8be802d1934b1464061ae5e70d80962c5da882
  racc (1.8.1) sha256=4a7f6929691dbec8b5209a0b373bc2614882b55fc5d2e447a21aaa691303d62f
  rack (3.1.7) sha256=0e9982db4ea9013326788ca2a7f48e32a4e746765e7c3512d424ef0dd22ae58b
  rack-mini-profiler (3.3.1) sha256=2bf0de7d5795f54581e453b248e42cc50e8d0529efac73828653a9ad2407a801
  rack-session (2.0.0) sha256=db04b2063e180369192a9046b4559af311990af38c6a93d4c600cee4eb6d4e81
  rack-test (2.1.0) sha256=0c61fc61904049d691922ea4bb99e28004ed3f43aa5cfd495024cc345f125dfb
  rackup (2.1.0) sha256=6ecb884a581990332e45ee17bdfdc14ccbee46c2f710ae1566019907869a6c4d
  rails (7.1.3.4) sha256=3a7fca9df74ee641dc1e89b8302ac6d03f22883de771e786a0e9f3094e5aa6ad
  rails-dom-testing (2.2.0) sha256=e515712e48df1f687a1d7c380fd7b07b8558faa26464474da64183a7426fa93b
  rails-html-sanitizer (1.6.0) sha256=86e9f19d2e6748890dcc2633c8945ca45baa08a1df9d8c215ce17b3b0afaa4de
  rails_semantic_logger (4.17.0) sha256=cc10cca01491736596cd5ab40b52b3bbf98338d9d1f5a7916b2be10231615047
  railties (7.1.3.4) sha256=6c6049f3a788669d94f95c7bf6378204ae94098567cc25237e3c73dac4a21afc
  rake (13.2.1) sha256=46cb38dae65d7d74b6020a4ac9d48afed8eb8149c040eccf0523bec91907059d
  ransack (4.2.0) sha256=1125ab22d597b4ac29852332ee868811cd43260756260110686d3928f7c9b9fb
  rdoc (6.7.0) sha256=b17d5f0f57b0853d7b880d4360a32c7caf8dbb81f8503a36426df809e617f379
  reline (0.5.10) sha256=1660c969a792ebd034e6ceee8ca628f3b6698dcdb34f7a282a5edda37b958166
  ruby-progressbar (1.13.0) sha256=80fc9c47a9b640d6834e0dc7b3c94c9df37f08cb072b7761e4a71e22cff29b33
  ruby2ruby (2.5.1) sha256=69d327b37ed80cdcb3d478f5fe8057ab2f23690c30592da2cc65279f821ed7ff
  ruby_parser (3.21.1) sha256=9d931abe5aec287d65280f811d3cf672564956ef1bd49f528ca48479984d6fec
  semantic_logger (4.16.0) sha256=ffba0bd0e008ceaf6be26da588f610a61208b9a9f55676b32729e962904023d9
  sexp_processor (4.17.2) sha256=0dfdd3d90aed28360cb3032ac8905bca66d8c5f5cab01e94762206eca24e75be
  sprockets (4.2.1) sha256=951b13dd2f2fcae840a7184722689a803e0ff9d2702d902bd844b196da773f97
  sprockets-rails (3.5.1) sha256=c44626cb3887a1a8b572ca258685db33b4ebd041aa73428a716eac444ee5ef48
  stimulus-rails (1.3.3) sha256=4d1f9ab1d64e605f4c9cdd4cc530a9538b510606d32d02249d106256845c562c
  stringio (3.1.1) sha256=53456e14175c594e0e8eb2206a1be33f3974d4fe21c131e628908b05c8c2ae1e
  tailwindcss-rails (2.7.5) sha256=eb005b80cfd3bd750381b9d449ae4cf9cfabaf53e59f9aad61ef0b0bbbd955e1
  tailwindcss-rails (2.7.5-aarch64-linux) sha256=8e2035dfaa7a4eb359f040902ee5ec233974a89504d9b76d569e5249c7c3d6ca
  tailwindcss-rails (2.7.5-arm-linux) sha256=ac274335d2a2d0b1139f9761b9052bcd667b33e75877d4ab63c00e9366915dab
  tailwindcss-rails (2.7.5-arm64-darwin) sha256=472e8ca933919060d9dec18b0e2f1f939d79f08b98ea6d4a59bef86b6d7a7500
  tailwindcss-rails (2.7.5-x86_64-darwin) sha256=ced2547e4c10b1e7ce3bfb27504cb68deb4ea6f80981a5bdf68a9c7dc3230b29
  tailwindcss-rails (2.7.5-x86_64-linux) sha256=ac8e63ca9768a52598910e034e4c3191f5de993a85c64c369fdd12a50f51d005
  thor (1.3.2) sha256=eef0293b9e24158ccad7ab383ae83534b7ad4ed99c09f96f1a6b036550abbeda
  timeout (0.4.1) sha256=6f1f4edd4bca28cffa59501733a94215407c6960bd2107331f0280d4abdebb9a
  turbo-rails (2.0.5) sha256=cef775349c24734e52937997c2c4582a95966b3f81a173a9bcf037074a766229
  turbo_power (0.6.2) sha256=c9080d0d1bb79deed67bee2a7654dd38f9c903b57ad52b98d19d000958fde2cc
  tzinfo (2.0.6) sha256=8daf828cc77bcf7d63b0e3bdb6caa47e2272dcfaf4fbfe46f8c3a9df087a829b
  uri (0.13.0) sha256=26553c2a9399762e1e8bebd4444b4361c4b21298cf1c864b22eeabc9c4998f24
  view_component (3.12.1) sha256=f2ce2ad2945389f4bbd4ff77465605e9019041e5c804d16d093791be2542b18b
  web-console (4.2.1) sha256=e7bcf37a10ea2b4ec4281649d1cee461b32232d0a447e82c786e6841fd22fe20
  webrick (1.8.1) sha256=19411ec6912911fd3df13559110127ea2badd0c035f7762873f58afc803e158f
  websocket-driver (0.7.6) sha256=f69400be7bc197879726ad8e6f5869a61823147372fd8928836a53c2c741d0db
  websocket-extensions (0.1.5) sha256=1c6ba63092cda343eb53fc657110c71c754c56484aad42578495227d717a8241
  zeitwerk (2.6.18) sha256=bd2d213996ff7b3b364cd342a585fbee9797dbc1c0c6d868dc4150cc75739781

RUBY VERSION
   ruby 3.3.2p78

BUNDLED WITH
   2.5.16
