GIT
  remote: https://github.com/Shopify/job-iteration.git
  revision: d8b852ead441295aa08335fb1b31c0e177194e09
  branch: main
  specs:
    job-iteration (1.4.1)
      activejob (>= 5.2)

GEM
  remote: https://rubygems.org/
  specs:
    actioncable (7.1.3.3)
      actionpack (= 7.1.3.3)
      activesupport (= 7.1.3.3)
      nio4r (~> 2.0)
      websocket-driver (>= 0.6.1)
      zeitwerk (~> 2.6)
    actionmailbox (7.1.3.3)
      actionpack (= 7.1.3.3)
      activejob (= 7.1.3.3)
      activerecord (= 7.1.3.3)
      activestorage (= 7.1.3.3)
      activesupport (= 7.1.3.3)
      mail (>= 2.7.1)
      net-imap
      net-pop
      net-smtp
    actionmailer (7.1.3.3)
      actionpack (= 7.1.3.3)
      actionview (= 7.1.3.3)
      activejob (= 7.1.3.3)
      activesupport (= 7.1.3.3)
      mail (~> 2.5, >= 2.5.4)
      net-imap
      net-pop
      net-smtp
      rails-dom-testing (~> 2.2)
    actionpack (7.1.3.3)
      actionview (= 7.1.3.3)
      activesupport (= 7.1.3.3)
      nokogiri (>= 1.8.5)
      racc
      rack (>= 2.2.4)
      rack-session (>= 1.0.1)
      rack-test (>= 0.6.3)
      rails-dom-testing (~> 2.2)
      rails-html-sanitizer (~> 1.6)
    actiontext (7.1.3.3)
      actionpack (= 7.1.3.3)
      activerecord (= 7.1.3.3)
      activestorage (= 7.1.3.3)
      activesupport (= 7.1.3.3)
      globalid (>= 0.6.0)
      nokogiri (>= 1.8.5)
    actionview (7.1.3.3)
      activesupport (= 7.1.3.3)
      builder (~> 3.1)
      erubi (~> 1.11)
      rails-dom-testing (~> 2.2)
      rails-html-sanitizer (~> 1.6)
    active_link_to (1.0.5)
      actionpack
      addressable
    activejob (7.1.3.3)
      activesupport (= 7.1.3.3)
      globalid (>= 0.3.6)
    activemodel (7.1.3.3)
      activesupport (= 7.1.3.3)
    activerecord (7.1.3.3)
      activemodel (= 7.1.3.3)
      activesupport (= 7.1.3.3)
      timeout (>= 0.4.0)
    activerecord-import (1.7.0)
      activerecord (>= 4.2)
    activestorage (7.1.3.3)
      actionpack (= 7.1.3.3)
      activejob (= 7.1.3.3)
      activerecord (= 7.1.3.3)
      activesupport (= 7.1.3.3)
      marcel (~> 1.0)
    activesupport (7.1.3.3)
      base64
      bigdecimal
      concurrent-ruby (~> 1.0, >= 1.0.2)
      connection_pool (>= 2.2.5)
      drb
      i18n (>= 1.6, < 2)
      minitest (>= 5.1)
      mutex_m
      tzinfo (~> 2.0)
    addressable (2.8.6)
      public_suffix (>= 2.0.2, < 6.0)
    annotate (3.2.0)
      activerecord (>= 3.2, < 8.0)
      rake (>= 10.4, < 14.0)
    avo (3.4.1)
      actionview (>= 6.1)
      active_link_to
      activerecord (>= 6.1)
      activesupport (>= 6.1)
      addressable
      docile
      dry-initializer
      httparty
      inline_svg
      meta-tags
      pagy
      turbo-rails
      turbo_power (>= 0.6.0)
      view_component (>= 3.7.0)
      zeitwerk (>= 2.6.12)
    base64 (0.2.0)
    bigdecimal (3.1.8)
    bindex (0.8.1)
    bootsnap (1.18.3)
      msgpack (~> 1.2)
    builder (3.2.4)
    concurrent-ruby (1.2.3)
    connection_pool (2.4.1)
    crass (1.0.6)
    daru (0.3)
      packable (~> 1.3.13)
    data_uri (0.1.0)
    datadog-ci (0.8.3)
      msgpack
    date (3.3.4)
    ddtrace (1.23.0)
      datadog-ci (~> 0.8.1)
      debase-ruby_core_source (= 3.3.1)
      libdatadog (~> 7.0.0.1.0)
      libddwaf (~> 1.14.0.0.0)
      msgpack
    debase-ruby_core_source (3.3.1)
    debug (1.9.2)
      irb (~> 1.10)
      reline (>= 0.3.8)
    debugbar (0.3.2)
      actioncable
      rails
    diff-lcs (1.5.1)
    docile (1.4.0)
    dockerfile-rails (1.6.14)
      rails (>= 3.0.0)
    dotenv (3.1.2)
    dotenv-rails (3.1.2)
      dotenv (= 3.1.2)
      railties (>= 6.1)
    drb (2.2.1)
    dry-initializer (3.1.1)
    erubi (1.12.0)
    et-orbi (1.2.11)
      tzinfo
    faraday (2.9.0)
      faraday-net_http (>= 2.0, < 3.2)
    faraday-net_http (3.1.0)
      net-http
    ffi (1.16.3)
    ffi-rzmq (2.0.7)
      ffi-rzmq-core (>= 1.0.7)
    ffi-rzmq-core (1.0.7)
      ffi
    fugit (1.11.0)
      et-orbi (~> 1, >= 1.2.11)
      raabro (~> 1.4)
    globalid (1.2.1)
      activesupport (>= 6.1)
    good_job (3.29.2)
      activejob (>= 6.0.0)
      activerecord (>= 6.0.0)
      concurrent-ruby (>= 1.0.2)
      fugit (>= 1.1)
      railties (>= 6.0.0)
      thor (>= 0.14.1)
    google-protobuf (4.26.1)
      rake (>= 13)
    google-protobuf (4.26.1-aarch64-linux)
      rake (>= 13)
    google-protobuf (4.26.1-arm64-darwin)
      rake (>= 13)
    google-protobuf (4.26.1-x86-linux)
      rake (>= 13)
    google-protobuf (4.26.1-x86_64-darwin)
      rake (>= 13)
    google-protobuf (4.26.1-x86_64-linux)
      rake (>= 13)
    hairtrigger (1.1.1)
      activerecord (>= 6.0, < 8)
      ruby2ruby (~> 2.4)
      ruby_parser (~> 3.10)
    httparty (0.21.0)
      mini_mime (>= 1.0.0)
      multi_xml (>= 0.5.2)
    i18n (1.14.5)
      concurrent-ruby (~> 1.0)
    importmap-rails (2.0.1)
      actionpack (>= 6.0.0)
      activesupport (>= 6.0.0)
      railties (>= 6.0.0)
    inline_svg (1.9.0)
      activesupport (>= 3.0)
      nokogiri (>= 1.6)
    io-console (0.7.2)
    irb (1.13.1)
      rdoc (>= 4.0.0)
      reline (>= 0.4.2)
    iruby (0.7.4)
      data_uri (~> 0.1)
      ffi-rzmq
      irb
      mime-types (>= 3.3.1)
      multi_json (~> 1.11)
      native-package-installer
    jbuilder (2.12.0)
      actionview (>= 5.0.0)
      activesupport (>= 5.0.0)
    jupyter_on_rails (0.13.0)
      daru
      iruby
      railties
    libdatadog (7.0.0.1.0)
    libdatadog (7.0.0.1.0-aarch64-linux)
    libdatadog (7.0.0.1.0-x86_64-linux)
    libddwaf (1.14.0.0.0)
      ffi (~> 1.0)
    libddwaf (1.14.0.0.0-aarch64-linux)
      ffi (~> 1.0)
    libddwaf (1.14.0.0.0-arm64-darwin)
      ffi (~> 1.0)
    libddwaf (1.14.0.0.0-x86_64-darwin)
      ffi (~> 1.0)
    libddwaf (1.14.0.0.0-x86_64-linux)
      ffi (~> 1.0)
    literal (0.1.0)
    loofah (2.22.0)
      crass (~> 1.0.2)
      nokogiri (>= 1.12.0)
    mail (2.8.1)
      mini_mime (>= 0.1.1)
      net-imap
      net-pop
      net-smtp
    maintenance_tasks (2.7.0)
      actionpack (>= 6.0)
      activejob (>= 6.0)
      activerecord (>= 6.0)
      job-iteration (>= 1.3.6)
      railties (>= 6.0)
      zeitwerk (>= 2.6.2)
    marcel (1.0.4)
    matrix (0.4.2)
    meilisearch (0.26.0)
      httparty (>= 0.17.1, < 0.22.0)
    meilisearch-rails (0.13.1)
      meilisearch (~> 0.26.0)
    meta-tags (2.21.0)
      actionpack (>= 6.0.0, < 7.2)
    method_source (1.1.0)
    mime-types (3.5.2)
      mime-types-data (~> 3.2015)
    mime-types-data (3.2024.0305)
    mini_mime (1.1.5)
    minitest (5.23.1)
    msgpack (1.7.2)
    multi_json (1.15.0)
    multi_xml (0.7.1)
      bigdecimal (~> 3.1)
    mutex_m (0.2.0)
    native-package-installer (1.1.9)
    net-http (0.4.1)
      uri
    net-imap (0.4.11)
      date
      net-protocol
    net-pop (0.1.2)
      net-protocol
    net-protocol (0.2.2)
      timeout
    net-smtp (0.5.0)
      net-protocol
    nio4r (2.7.3)
    nokogiri (1.16.5-aarch64-linux)
      racc (~> 1.4)
    nokogiri (1.16.5-arm-linux)
      racc (~> 1.4)
    nokogiri (1.16.5-arm64-darwin)
      racc (~> 1.4)
    nokogiri (1.16.5-x86-linux)
      racc (~> 1.4)
    nokogiri (1.16.5-x86_64-darwin)
      racc (~> 1.4)
    nokogiri (1.16.5-x86_64-linux)
      racc (~> 1.4)
    packable (1.3.18)
    pagy (8.4.0)
    parallel (1.24.0)
    pg (1.5.6)
    pg_query (5.1.0)
      google-protobuf (>= 3.22.3)
    pghero (3.5.0)
      activerecord (>= 6)
    phlex (1.10.1)
    phlex-rails (1.2.1)
      phlex (~> 1.10.0)
      railties (>= 6.1, < 8)
    prosopite (1.4.2)
    psych (5.1.2)
      stringio
    public_suffix (5.0.5)
    puma (6.4.2)
      nio4r (~> 2.0)
    raabro (1.4.0)
    racc (1.8.0)
    rack (3.0.11)
    rack-mini-profiler (3.3.1)
      rack (>= 1.2.0)
    rack-session (2.0.0)
      rack (>= 3.0.0)
    rack-test (2.1.0)
      rack (>= 1.3)
    rackup (2.1.0)
      rack (>= 3)
      webrick (~> 1.8)
    rails (7.1.3.3)
      actioncable (= 7.1.3.3)
      actionmailbox (= 7.1.3.3)
      actionmailer (= 7.1.3.3)
      actionpack (= 7.1.3.3)
      actiontext (= 7.1.3.3)
      actionview (= 7.1.3.3)
      activejob (= 7.1.3.3)
      activemodel (= 7.1.3.3)
      activerecord (= 7.1.3.3)
      activestorage (= 7.1.3.3)
      activesupport (= 7.1.3.3)
      bundler (>= 1.15.0)
      railties (= 7.1.3.3)
    rails-dom-testing (2.2.0)
      activesupport (>= 5.0.0)
      minitest
      nokogiri (>= 1.6)
    rails-html-sanitizer (1.6.0)
      loofah (~> 2.21)
      nokogiri (~> 1.14)
    rails_semantic_logger (4.14.0)
      rack
      railties (>= 5.1)
      semantic_logger (~> 4.13)
    railties (7.1.3.3)
      actionpack (= 7.1.3.3)
      activesupport (= 7.1.3.3)
      irb
      rackup (>= 1.0.0)
      rake (>= 12.2)
      thor (~> 1.0, >= 1.2.2)
      zeitwerk (~> 2.6)
    rake (13.2.1)
    rdoc (6.7.0)
      psych (>= 4.0.0)
    reline (0.5.7)
      io-console (~> 0.5)
    ruby-progressbar (1.13.0)
    ruby2ruby (2.5.0)
      ruby_parser (~> 3.1)
      sexp_processor (~> 4.6)
    ruby_parser (3.21.0)
      racc (~> 1.5)
      sexp_processor (~> 4.16)
    semantic_logger (4.15.0)
      concurrent-ruby (~> 1.0)
    sexp_processor (4.17.1)
    sprockets (4.2.1)
      concurrent-ruby (~> 1.0)
      rack (>= 2.2.4, < 4)
    sprockets-rails (3.4.2)
      actionpack (>= 5.2)
      activesupport (>= 5.2)
      sprockets (>= 3.0.0)
    stimulus-rails (1.3.3)
      railties (>= 6.0.0)
    stringio (3.1.0)
    thor (1.3.1)
    timeout (0.4.1)
    turbo-rails (2.0.5)
      actionpack (>= 6.0.0)
      activejob (>= 6.0.0)
      railties (>= 6.0.0)
    turbo_power (0.6.1)
      turbo-rails (>= 1.3.0)
    tzinfo (2.0.6)
      concurrent-ruby (~> 1.0)
    uri (0.13.0)
    view_component (3.12.1)
      activesupport (>= 5.2.0, < 8.0)
      concurrent-ruby (~> 1.0)
      method_source (~> 1.0)
    web-console (4.2.1)
      actionview (>= 6.0.0)
      activemodel (>= 6.0.0)
      bindex (>= 0.4.0)
      railties (>= 6.0.0)
    webrick (1.8.1)
    websocket-driver (0.7.6)
      websocket-extensions (>= 0.1.0)
    websocket-extensions (0.1.5)
    zeitwerk (2.6.15)

PLATFORMS
  aarch64-linux
  arm-linux
  arm64-darwin
  x86-linux
  x86_64-darwin
  x86_64-linux

DEPENDENCIES
  activerecord-import (~> 1.7)
  annotate (~> 3.2)
  avo (>= 3.2)
  bootsnap
  ddtrace (~> 1.23)
  debug
  debugbar (~> 0.3.2)
  diff-lcs (~> 1.5)
  dockerfile-rails (~> 1.6)
  dotenv-rails (~> 3.1)
  faraday (~> 2.9)
  ffi-rzmq
  good_job (~> 3.29)
  hairtrigger (~> 1.1)
  importmap-rails
  jbuilder
  job-iteration!
  jupyter_on_rails
  literal (~> 0.1.0)
  maintenance_tasks (~> 2.5)
  matrix
  meilisearch-rails (~> 0.13.1)
  pagy (~> 8.4)
  parallel (~> 1.24)
  pg (~> 1.5)
  pg_query (~> 5.1)
  pghero (~> 3.5)
  phlex-rails (~> 1.1)
  prosopite (~> 1.4)
  puma (>= 5.0)
  rack-mini-profiler
  rails (~> 7.1.3)
  rails_semantic_logger (~> 4.14)
  ruby-progressbar (~> 1.13)
  sprockets-rails
  stimulus-rails
  turbo-rails
  tzinfo-data
  web-console

CHECKSUMS
  actioncable (7.1.3.3) sha256=57323cda266c950b18d67b3a751ba388dc7e0615fde48eb17400fa785a61adcf
  actionmailbox (7.1.3.3) sha256=7525d8476412f98df445a5be07ca72366168dc16316e88609a7f0184cb20a663
  actionmailer (7.1.3.3) sha256=6bf548313f189f0cb54077c7d0682c2b93f7ed4dd8de16f9a58475530f575216
  actionpack (7.1.3.3) sha256=3d09fd1f80080401d0924f2ce3d61297422166e5b253416ee95d4278bcda7aa4
  actiontext (7.1.3.3) sha256=ed20d51d9f2b1245cf5bb9355650dd761f5f7c59a9cd60266f16c3549c2be8ed
  actionview (7.1.3.3) sha256=da85a1e2a5c1ef14438637d9197545578cf17457e61b1645e61607a93ac6d5fd
  active_link_to (1.0.5) sha256=4830847b3d14589df1e9fc62038ceec015257fce975ec1c2a77836c461b139ba
  activejob (7.1.3.3) sha256=ef61910908743ef0b76a356ccd8df41774789ca9dd3cbe9b3686ba366880a269
  activemodel (7.1.3.3) sha256=10c92029cce7d0c41f17c8c5f39b20777eac5763c79607034d6ee4bd427f9b4e
  activerecord (7.1.3.3) sha256=3de333d49d84f7f03895de12f71e6e0a6e7df5fd9c80eea7e8b40ce04b4535c9
  activerecord-import (1.7.0) sha256=f849fb0216868c76cee4d9de73458215280ad849493fdbc917206c1ede940458
  activestorage (7.1.3.3) sha256=ba08fd11fea0ab0c72de6de3bb0f386feb8a45bfd969f630ba1da0ceaf02a142
  activesupport (7.1.3.3) sha256=f1147f1eedff05b7816b48d0aa89c912b83fed3f245d7ed3cf33a55ffbf3137d
  addressable (2.8.6) sha256=798f6af3556641a7619bad1dce04cdb6eb44b0216a991b0396ea7339276f2b47
  annotate (3.2.0) sha256=9a61baa1fb13880aa3a8d9f62553889bb2a3b7970f88bbc66d3ac75a567780d3
  avo (3.4.1) sha256=28c251cf0b35bf31b0002769f4b008208b442d16faf584532dd3fbc9b016ddae
  base64 (0.2.0) sha256=0f25e9b21a02a0cc0cea8ef92b2041035d39350946e8789c562b2d1a3da01507
  bigdecimal (3.1.8) sha256=a89467ed5a44f8ae01824af49cbc575871fa078332e8f77ea425725c1ffe27be
  bindex (0.8.1) sha256=7b1ecc9dc539ed8bccfc8cb4d2732046227b09d6f37582ff12e50a5047ceb17e
  bootsnap (1.18.3) sha256=d7b70de761e2fb1d63d21dd941b393c881c5cab5575211369cede788dfc034eb
  builder (3.2.4) sha256=99caf08af60c8d7f3a6b004029c4c3c0bdaebced6c949165fe98f1db27fbbc10
  concurrent-ruby (1.2.3) sha256=82fdd3f8a0816e28d513e637bb2b90a45d7b982bdf4f3a0511722d2e495801e2
  connection_pool (2.4.1) sha256=0f40cf997091f1f04ff66da67eabd61a9fe0d4928b9a3645228532512fab62f4
  crass (1.0.6) sha256=dc516022a56e7b3b156099abc81b6d2b08ea1ed12676ac7a5657617f012bd45d
  daru (0.3) sha256=46443fb21b63cf30e3e45aee37b93f9e45206fdcccb7c6d683a7224c849154e3
  data_uri (0.1.0) sha256=7eb2f63487ccb943fae0eca561729c48d4d5654d76f8330aa16ed1dcdbebf33b
  datadog-ci (0.8.3) sha256=6e78c03aa2524476dc99b969a7c3154195d1d84a912a21707e7f5c17783e03f9
  date (3.3.4) sha256=971f2cb66b945bcbea4ddd9c7908c9400b31a71bc316833cb42fa584b59d3291
  ddtrace (1.23.0) sha256=e966fa6667e5365e727643f743c62a1ebdb3a9d04735418bef38baeb8e5244db
  debase-ruby_core_source (3.3.1) sha256=ed904cae290edf0cf274ad707f8981bf1cefad8081e78d4bb71be2a483bc2c08
  debug (1.9.2) sha256=48e026c0852c7a10c60263e2e527968308958e266231e36d64e3efcabec7e7fc
  debugbar (0.3.2) sha256=e047190c39f4784cfc0c2e58c2136bd258edf61ac09aa341265fb9ce7acfc643
  diff-lcs (1.5.1) sha256=273223dfb40685548436d32b4733aa67351769c7dea621da7d9dd4813e63ddfe
  docile (1.4.0) sha256=5f1734bde23721245c20c3d723e76c104208e1aa01277a69901ce770f0ebb8d3
  dockerfile-rails (1.6.14) sha256=c8ab33941955ad79050b1150b2b17c08f5e8f00198275f648eff0cab32249f61
  dotenv (3.1.2) sha256=08036c2aa1246590034a83df2adc85b72cb4944692c49da24d8e911f97924478
  dotenv-rails (3.1.2) sha256=66d2ad1a5aca1de742dd8ec2ceed2148675c73617a3b8d7703ef86ed47ca5d6a
  drb (2.2.1) sha256=e9d472bf785f558b96b25358bae115646da0dbfd45107ad858b0bc0d935cb340
  dry-initializer (3.1.1) sha256=4d267dea367ccabe498b259c62b909b99d577d6db547d9510561999403546dec
  erubi (1.12.0) sha256=27bedb74dfb1e04ff60674975e182d8ca787f2224f2e8143268c7696f42e4723
  et-orbi (1.2.11) sha256=d26e868cc21db88280a9ec1a50aa3da5d267eb9b2037ba7b831d6c2731f5df64
  faraday (2.9.0) sha256=1aa114507006eed6779a726b932d5cc12f5f6053984a19a3403539306b0e0be3
  faraday-net_http (3.1.0) sha256=1627be414960d0131691190ff524506ba6607402a50fb6eccda9e64ca60f859f
  ffi (1.16.3) sha256=6d3242ff10c87271b0675c58d68d3f10148fabc2ad6da52a18123f06078871fb
  ffi-rzmq (2.0.7) sha256=2feb3bc5bf46df633e2211514ac408521df0c198f54134fdb38322675d9f4591
  ffi-rzmq-core (1.0.7) sha256=6541625a0f80016e4cb1b22a68b3870bd711c30de7d77625d8d6c92be95eb32a
  fugit (1.11.0) sha256=addc9cd3031611921d1dbac094de3a645bc8858828639fd035c9cedd3b460bb9
  globalid (1.2.1) sha256=70bf76711871f843dbba72beb8613229a49429d1866828476f9c9d6ccc327ce9
  good_job (3.29.2) sha256=a9e3854a103cf0b64334b248fdfb813cbf07d62a96e65b07134d4c2f4d48b994
  google-protobuf (4.26.1) sha256=52059a231bd6521728f5e278b64f1dea9d9ffecccbde7d53ef719721bb074493
  google-protobuf (4.26.1-aarch64-linux) sha256=d687e734b84f8ae0b419ad63d4ca24c9b71e45d210bbe4abba0e05edcfee6d6a
  google-protobuf (4.26.1-arm64-darwin) sha256=3b0bacb4585bc2c4aa88d7d9134c54f65e5d92f116bef00f5c7a9b96c3f0de1e
  google-protobuf (4.26.1-x86-linux) sha256=8c52180a11cd5ec901c5e8c44f5b8fa0bdea4b09c224c290816126e9361d7c27
  google-protobuf (4.26.1-x86_64-darwin) sha256=bf4f43d576879d9c49cd4bad2646d2f1cf6bc3d421ecc22cafe774b6a29de679
  google-protobuf (4.26.1-x86_64-linux) sha256=d019fd17b5bbc71fa103a02d2031a714153557ce95c448b0cebf250dacc8d6dd
  hairtrigger (1.1.1) sha256=44a26f33372804baba8f75821882514a010d1f2f48a6e3647dfcbe768e95f436
  httparty (0.21.0) sha256=00ef7bf9a71f30a3bff88edeb5b16a34bea883ab67c246b3f0db2d6794fe1214
  i18n (1.14.5) sha256=26dcbc05e364b57e27ab430148b3377bc413987d34cc042336271d8f42e9d1b9
  importmap-rails (2.0.1) sha256=e739a6e70c09f797688c6983fa79567ec1edc9becc30d55b3f7cc897b1825586
  inline_svg (1.9.0) sha256=f44c5e3d2e401fd619ad3047b7c8cee384517d855edb1d1fb1a248d3cae535d6
  io-console (0.7.2) sha256=f0dccff252f877a4f60d04a4dc6b442b185ebffb4b320ab69212a92b48a7a221
  irb (1.13.1) sha256=aa552f30b33f15615cff4ca8d04bace0bdd442777efb5187d9a621707889f292
  iruby (0.7.4) sha256=cc219e2ac797c3fbf8c2b937ee7d26547723c8ae0e5ad65f2975aa3325b3a620
  jbuilder (2.12.0) sha256=47e9be3240b8901cabbbfa2191a2a87fcab01630816fb8b979e787cf268726d2
  job-iteration (1.4.1)
  jupyter_on_rails (0.13.0) sha256=0268483c8473537451f4a989a65500e6774d5cc9ebf342156ef9d3205a3c1c60
  libdatadog (7.0.0.1.0) sha256=b4321485dd0f664ad43540cacb5ace0fedba064ad978f97510172c1ad6940316
  libdatadog (7.0.0.1.0-aarch64-linux) sha256=f38b4b3ce5ad11dee395a687435491f22fde34e4854f6d447dc5dcc1e40fa15b
  libdatadog (7.0.0.1.0-x86_64-linux) sha256=b961f0a78efa7881bb472828b17a59f60cc1778dc878a440ecbf86488a8d782e
  libddwaf (1.14.0.0.0) sha256=b91ea9675f7d79d1cd10dd6513e3706760ac442cb8902164fbcef79b7082a8fd
  libddwaf (1.14.0.0.0-aarch64-linux) sha256=549f83ba339afb0e500bd9f4c43459e274d42f5736a18d347ba2007be026649c
  libddwaf (1.14.0.0.0-arm64-darwin) sha256=cd3c84d58b8f77f93ebb17e6ceb1cfd257c8d3a3a1ea558a7fc14d92f697cc2b
  libddwaf (1.14.0.0.0-x86_64-darwin) sha256=33017c057fd6b4948ef4577c4a13bc89d878541961b205309fac1e71516433ff
  libddwaf (1.14.0.0.0-x86_64-linux) sha256=030640a4158ae05f9276cc1e09bfe9d19dda5af26703235cf17cf3752f1985b1
  literal (0.1.0) sha256=7e6273c7b06b5e470a87d9c6179609b83298a127c7f66603049893812531c90e
  loofah (2.22.0) sha256=10d76e070c86b12fec74b6a9515fd1940f4459198b991342d0a7897d86c372fe
  mail (2.8.1) sha256=ec3b9fadcf2b3755c78785cb17bc9a0ca9ee9857108a64b6f5cfc9c0b5bfc9ad
  maintenance_tasks (2.7.0) sha256=0857d732e6c3078a501a1552d0ffb6321c900dc821c15bf09b6457931d6ccbcb
  marcel (1.0.4) sha256=0d5649feb64b8f19f3d3468b96c680bae9746335d02194270287868a661516a4
  matrix (0.4.2) sha256=71083ccbd67a14a43bfa78d3e4dc0f4b503b9cc18e5b4b1d686dc0f9ef7c4cc0
  meilisearch (0.26.0) sha256=634746172c336a42660cd344a94be39bf0addf6497b7d907334335fc704a3f8c
  meilisearch-rails (0.13.1) sha256=f3b3460dc31502f16f6e42eb8bd23f2ec0787aa15a3fbf086f434e27b96524fa
  meta-tags (2.21.0) sha256=cfaa2ccd32b2700c3538c9eae647191295a06f47f0d8558e685a6a7158171cfb
  method_source (1.1.0) sha256=181301c9c45b731b4769bc81e8860e72f9161ad7d66dd99103c9ab84f560f5c5
  mime-types (3.5.2) sha256=c1299f10fa34c75a6f168e99e9dadbd11bc507d9d62dc5cf98c4e65f2af8c4e4
  mime-types-data (3.2024.0305) sha256=a5101ed02bf708fbaf1f65453d9dd27ece1bf910bece3df61835498d7be1a703
  mini_mime (1.1.5) sha256=8681b7e2e4215f2a159f9400b5816d85e9d8c6c6b491e96a12797e798f8bccef
  minitest (5.23.1) sha256=f1e8f8d6ffd96fb17339ce50768bcbbdbbadff5073cb9583d084403877a77abe
  msgpack (1.7.2) sha256=59ab62fd8a4d0dfbde45009f87eb6f158ab2628a7c48886b0256f175166baaa8
  multi_json (1.15.0) sha256=1fd04138b6e4a90017e8d1b804c039031399866ff3fbabb7822aea367c78615d
  multi_xml (0.7.1) sha256=4fce100c68af588ff91b8ba90a0bb3f0466f06c909f21a32f4962059140ba61b
  mutex_m (0.2.0) sha256=b6ef0c6c842ede846f2ec0ade9e266b1a9dac0bc151682b04835e8ebd54840d5
  native-package-installer (1.1.9) sha256=fbb41b6b22750791a4304f0a0aeea3dd837668892117f49c4caf2e8e0f4e792f
  net-http (0.4.1) sha256=a96efc5ea18bcb9715e24dda4159d10f67ff0345c8a980d04630028055b2c282
  net-imap (0.4.11) sha256=ac8140736df32ed87ff4155189b6ae3d846e2101be794ba657d269c5aefa17f8
  net-pop (0.1.2) sha256=848b4e982013c15b2f0382792268763b748cce91c9e91e36b0f27ed26420dff3
  net-protocol (0.2.2) sha256=aa73e0cba6a125369de9837b8d8ef82a61849360eba0521900e2c3713aa162a8
  net-smtp (0.5.0) sha256=5fc0415e6ea1cc0b3dfea7270438ec22b278ca8d524986a3ae4e5ae8d087b42a
  nio4r (2.7.3) sha256=54b94cdd4b8f9dc39aaad5f699e97afae13efb44f2b180a6e724df76105ff604
  nokogiri (1.16.5-aarch64-linux) sha256=af0f44fa3e664dfb2aa10de8b551447d720c1e8d1f0aa3f35783dcc43e40a874
  nokogiri (1.16.5-arm-linux) sha256=23dc2357b26409a5c33b7e32a82902f0e9995305420f16d1a03ab3ea1a482fec
  nokogiri (1.16.5-arm64-darwin) sha256=950d037530edb49f75ad35de0b8038b970a7dda57e2b6326895b0e49fadf6214
  nokogiri (1.16.5-x86-linux) sha256=abdc389ab1ec6604492da16bd9d06ad746fdb6bd6a1bd274c400d61ffcadb3c4
  nokogiri (1.16.5-x86_64-darwin) sha256=71b5f54e378c433d13df67c3b71acc4716129da62402d8181f310c4216a63279
  nokogiri (1.16.5-x86_64-linux) sha256=0ca238da870066bed2f7837af6f35791bb9b76c4c5638999c46aac44818a6a97
  packable (1.3.18) sha256=9b5d6588ef6f5eaf02c2e44b4f9b9d6cbd672896eb13e3ac9fbfe7a827d1607f
  pagy (8.4.0) sha256=21dd68453d24e752a1bc81aef5b6f1346ff95e1c2e5b53448355f7856f3ef901
  parallel (1.24.0) sha256=5bf38efb9b37865f8e93d7a762727f8c5fc5deb19949f4040c76481d5eee9397
  pg (1.5.6) sha256=4bc3ad2438825eea68457373555e3fd4ea1a82027b8a6be98ef57c0d57292b1c
  pg_query (5.1.0) sha256=b7f7f47c864f08ccbed46a8244906fb6ee77ee344fd27250717963928c93145d
  pghero (3.5.0) sha256=7b459d383673e358017d0dd210c11b6a82bbfb340c73236ba0e50bb6c0351e6a
  phlex (1.10.1) sha256=cab3b63bcaaff181c0dff57e1b5c8218d639807693dba5245ac4f889e4665f70
  phlex-rails (1.2.1) sha256=1d80709c02114cda869951d22bfca189b5f208d1eb89f2e6fafbe3c0240a822f
  prosopite (1.4.2) sha256=b2e422e2d9dbf3ce20130ded3252fe14adb3833555eacd451f5015d8c9177e79
  psych (5.1.2) sha256=337322f58fc2bf24827d2b9bd5ab595f6a72971867d151bb39980060ea40a368
  public_suffix (5.0.5) sha256=72c340218bb384610536919988705cc29e09749c0021fd7005f715c7e5dfc493
  puma (6.4.2) sha256=3eb41999d00733280be3faeb00d610331b6965a537a8cd3d905f316c38575b44
  raabro (1.4.0) sha256=d4fa9ff5172391edb92b242eed8be802d1934b1464061ae5e70d80962c5da882
  racc (1.8.0) sha256=09349a65c37c4fe710a435f25c9f1652e39f29ad6b1fa08d4a8d30c0553d3a08
  rack (3.0.11) sha256=a08473678160760d9085ebe14508a42add18cde4217107b4b1aa01c8f14ff98c
  rack-mini-profiler (3.3.1) sha256=2bf0de7d5795f54581e453b248e42cc50e8d0529efac73828653a9ad2407a801
  rack-session (2.0.0) sha256=db04b2063e180369192a9046b4559af311990af38c6a93d4c600cee4eb6d4e81
  rack-test (2.1.0) sha256=0c61fc61904049d691922ea4bb99e28004ed3f43aa5cfd495024cc345f125dfb
  rackup (2.1.0) sha256=6ecb884a581990332e45ee17bdfdc14ccbee46c2f710ae1566019907869a6c4d
  rails (7.1.3.3) sha256=b65188cdca517905f425e984d50f080500cbaf5d17c6b56518e0a6baec9382de
  rails-dom-testing (2.2.0) sha256=e515712e48df1f687a1d7c380fd7b07b8558faa26464474da64183a7426fa93b
  rails-html-sanitizer (1.6.0) sha256=86e9f19d2e6748890dcc2633c8945ca45baa08a1df9d8c215ce17b3b0afaa4de
  rails_semantic_logger (4.14.0) sha256=738ca601d544108765bb0c9ea45d5ef7967777fecc5bba83bc9c2d86ac4a127f
  railties (7.1.3.3) sha256=fd87f22d653fb7ea246432ac7ed8391a39973f79dcff5e3424b2e3ed2361b10b
  rake (13.2.1) sha256=46cb38dae65d7d74b6020a4ac9d48afed8eb8149c040eccf0523bec91907059d
  rdoc (6.7.0) sha256=b17d5f0f57b0853d7b880d4360a32c7caf8dbb81f8503a36426df809e617f379
  reline (0.5.7) sha256=1f632a0703fd7d5f3a29d0167395b13e1b59ffa78c2bda077f8b2f26f9b8341b
  ruby-progressbar (1.13.0) sha256=80fc9c47a9b640d6834e0dc7b3c94c9df37f08cb072b7761e4a71e22cff29b33
  ruby2ruby (2.5.0) sha256=c805e219cce4ee439799ca68f2c15e1fd2d94d4d1414325f3d40b538b8147f11
  ruby_parser (3.21.0) sha256=3842893d2f4602dcd93c0a79d77f9ce8e1ce197d41ac533d8e25c684f8f1c56b
  semantic_logger (4.15.0) sha256=ec4f56122b5d2e2117d148b86c69fb62c1194a2b01a271be04ba8678a85f81ff
  sexp_processor (4.17.1) sha256=91110946720307f30bf1d549e90d9a529fef40d1fc471c069c8cca7667015da0
  sprockets (4.2.1) sha256=951b13dd2f2fcae840a7184722689a803e0ff9d2702d902bd844b196da773f97
  sprockets-rails (3.4.2) sha256=36d6327757ccf7460a00d1d52b2d5ef0019a4670503046a129fa1fb1300931ad
  stimulus-rails (1.3.3) sha256=4d1f9ab1d64e605f4c9cdd4cc530a9538b510606d32d02249d106256845c562c
  stringio (3.1.0) sha256=c1f6263ae03a15025e51194ab19b06b15e06adcaaedb7f5f6c06ab60f5d67718
  thor (1.3.1) sha256=fa7e3471d4f6a27138e3d9c9b0d4daac9c3d7383927667ae83e9ab42ae7401ef
  timeout (0.4.1) sha256=6f1f4edd4bca28cffa59501733a94215407c6960bd2107331f0280d4abdebb9a
  turbo-rails (2.0.5) sha256=cef775349c24734e52937997c2c4582a95966b3f81a173a9bcf037074a766229
  turbo_power (0.6.1) sha256=88cdb19fdf50bb5507ff35659af9455b1a29cf51c050df6e4d6b8b97d6aa90f6
  tzinfo (2.0.6) sha256=8daf828cc77bcf7d63b0e3bdb6caa47e2272dcfaf4fbfe46f8c3a9df087a829b
  uri (0.13.0) sha256=26553c2a9399762e1e8bebd4444b4361c4b21298cf1c864b22eeabc9c4998f24
  view_component (3.12.1) sha256=f2ce2ad2945389f4bbd4ff77465605e9019041e5c804d16d093791be2542b18b
  web-console (4.2.1) sha256=e7bcf37a10ea2b4ec4281649d1cee461b32232d0a447e82c786e6841fd22fe20
  webrick (1.8.1) sha256=19411ec6912911fd3df13559110127ea2badd0c035f7762873f58afc803e158f
  websocket-driver (0.7.6) sha256=f69400be7bc197879726ad8e6f5869a61823147372fd8928836a53c2c741d0db
  websocket-extensions (0.1.5) sha256=1c6ba63092cda343eb53fc657110c71c754c56484aad42578495227d717a8241
  zeitwerk (2.6.15) sha256=b2e68622ba95680a357430c89e1777d6e6796d63c7c02e8790cc38f4c33822cf

RUBY VERSION
   ruby 3.3.1p55

BUNDLED WITH
   2.5.9
